GEM
  remote: https://rubygems.org/
  specs:
    actionmailer (4.1.8)
      actionpack (= 4.1.8)
      actionview (= 4.1.8)
      mail (~> 2.5, >= 2.5.4)
    actionpack (4.1.8)
      actionview (= 4.1.8)
      activesupport (= 4.1.8)
      rack (~> 1.5.2)
      rack-test (~> 0.6.2)
    actionview (4.1.8)
      activesupport (= 4.1.8)
      builder (~> 3.1)
      erubis (~> 2.7.0)
    active_model_serializers (0.8.3)
      activemodel (>= 3.0)
    activemodel (4.1.8)
      activesupport (= 4.1.8)
      builder (~> 3.1)
    activerecord (4.1.8)
      activemodel (= 4.1.8)
      activesupport (= 4.1.8)
      arel (~> 5.0.0)
    activesupport (4.1.8)
      i18n (~> 0.6, >= 0.6.9)
      json (~> 1.7, >= 1.7.7)
      minitest (~> 5.1)
      thread_safe (~> 0.1)
      tzinfo (~> 1.1)
    acts_as_votable (0.10.0)
    arel (5.0.1.20140414130214)
    autoprefixer-rails (3.1.2.20141016)
      execjs
    bcrypt (3.1.10)
    better_errors (2.1.1)
      coderay (>= 1.0.0)
      erubis (>= 2.6.6)
      rack (>= 0.9.0)
    binding_of_caller (0.7.2)
      debug_inspector (>= 0.0.1)
    builder (3.2.2)
    capybara (2.4.4)
      mime-types (>= 1.16)
      nokogiri (>= 1.3.3)
      rack (>= 1.0.0)
      rack-test (>= 0.5.4)
      xpath (~> 2.0)
    celluloid (0.16.0)
      timers (~> 4.0.0)
    coderay (1.1.0)
    coffee-rails (4.0.1)
      coffee-script (>= 2.2.0)
      railties (>= 4.0.0, < 5.0)
    coffee-script (2.4.1)
      coffee-script-source
      execjs
    coffee-script-source (1.9.1.1)
    connection_pool (2.2.0)
    debug_inspector (0.0.2)
    devise (3.4.1)
      bcrypt (~> 3.0)
      orm_adapter (~> 0.1)
      railties (>= 3.2.6, < 5)
      responders
      thread_safe (~> 0.1)
      warden (~> 1.2.3)
    diff-lcs (1.2.5)
    dotenv (2.0.1)
    dotenv-rails (2.0.1)
      dotenv (= 2.0.1)
    erubis (2.7.0)
    execjs (2.5.2)
    factory_girl (4.5.0)
      activesupport (>= 3.0.0)
    factory_girl_rails (4.5.0)
      factory_girl (~> 4.5.0)
      railties (>= 3.0.0)
    foreman (0.78.0)
      thor (~> 0.19.1)
    hashie (3.4.1)
    hitimes (1.2.2)
    i18n (0.7.0)
    jbuilder (2.2.13)
      activesupport (>= 3.0.0, < 5)
      multi_json (~> 1.2)
    jquery-rails (3.1.2)
      railties (>= 3.0, < 5.0)
      thor (>= 0.14, < 2.0)
    json (1.8.2)
    kickstart_rails (3.0.94)
      autoprefixer-rails (~> 3.0)
      normalize-rails (~> 3.0)
      sass (~> 3.4)
    mail (2.6.3)
      mime-types (>= 1.16, < 3)
    mime-types (2.5)
    mini_portile (0.6.2)
    minitest (5.6.0)
    multi_json (1.11.0)
    nokogiri (1.6.6.2)
      mini_portile (~> 0.6.0)
    normalize-rails (3.0.2)
    oauth (0.4.7)
    omniauth (1.2.2)
      hashie (>= 1.2, < 4)
      rack (~> 1.0)
    omniauth-oauth (1.1.0)
      oauth
      omniauth (~> 1.0)
    omniauth-twitter (1.2.0)
      json (~> 1.3)
      omniauth-oauth (~> 1.1)
    orm_adapter (0.5.0)
    pg (0.18.1)
    rack (1.5.2)
    rack-test (0.6.3)
      rack (>= 1.0)
    rails (4.1.8)
      actionmailer (= 4.1.8)
      actionpack (= 4.1.8)
      actionview (= 4.1.8)
      activemodel (= 4.1.8)
      activerecord (= 4.1.8)
      activesupport (= 4.1.8)
      bundler (>= 1.3.0, < 2.0)
      railties (= 4.1.8)
      sprockets-rails (~> 2.0)
    rails_12factor (0.0.3)
      rails_serve_static_assets
      rails_stdout_logging
    rails_serve_static_assets (0.0.4)
    rails_stdout_logging (0.0.3)
    railties (4.1.8)
      actionpack (= 4.1.8)
      activesupport (= 4.1.8)
      rake (>= 0.8.7)
      thor (>= 0.18.1, < 2.0)
    rake (10.4.2)
    rdoc (4.2.0)
      json (~> 1.4)
    react-rails (0.13.0.0)
      execjs
      rails (>= 3.1)
      react-source (= 0.13.0)
    react-source (0.13.0)
    redis (3.2.1)
    redis-namespace (1.5.2)
      redis (~> 3.0, >= 3.0.4)
    responders (1.1.2)
      railties (>= 3.2, < 4.2)
    rspec-core (3.2.3)
      rspec-support (~> 3.2.0)
    rspec-expectations (3.2.1)
      diff-lcs (>= 1.2.0, < 2.0)
      rspec-support (~> 3.2.0)
    rspec-mocks (3.2.1)
      diff-lcs (>= 1.2.0, < 2.0)
      rspec-support (~> 3.2.0)
    rspec-rails (3.2.1)
      actionpack (>= 3.0, < 4.3)
      activesupport (>= 3.0, < 4.3)
      railties (>= 3.0, < 4.3)
      rspec-core (~> 3.2.0)
      rspec-expectations (~> 3.2.0)
      rspec-mocks (~> 3.2.0)
      rspec-support (~> 3.2.0)
    rspec-support (3.2.2)
    sass (3.4.13)
    sdoc (0.4.1)
      json (~> 1.7, >= 1.7.7)
      rdoc (~> 4.0)
    sidekiq (3.3.4)
      celluloid (>= 0.16.0)
      connection_pool (>= 2.1.1)
      json
      redis (>= 3.0.6)
      redis-namespace (>= 1.3.1)
    slim (3.0.3)
      temple (~> 0.7.3)
      tilt (>= 1.3.3, < 2.1)
    spring (1.3.4)
    sprockets (3.0.2)
      rack (~> 1.0)
    sprockets-rails (2.2.4)
      actionpack (>= 3.0)
      activesupport (>= 3.0)
      sprockets (>= 2.8, < 4.0)
    sqlite3 (1.3.10)
    temple (0.7.5)
    thor (0.19.1)
    thread_safe (0.3.5)
    tilt (2.0.1)
    timers (4.0.1)
      hitimes
    turbolinks (2.5.3)
      coffee-rails
    tzinfo (1.2.2)
      thread_safe (~> 0.1)
    uglifier (2.7.1)
      execjs (>= 0.3.0)
      json (>= 1.8.0)
    warden (1.2.3)
      rack (>= 1.0)
    xpath (2.0.0)
      nokogiri (~> 1.3)

PLATFORMS
  ruby

DEPENDENCIES
  active_model_serializers (~> 0.8.0)
  acts_as_votable (~> 0.10.0)
  autoprefixer-rails
  better_errors
  binding_of_caller
  capybara
  coffee-rails (~> 4.0.0)
  devise
  dotenv-rails
  factory_girl_rails
  foreman
  jbuilder (~> 2.0)
  jquery-rails
  kickstart_rails
  omniauth
  omniauth-twitter
  pg
  rails (= 4.1.8)
  rails_12factor
  react-rails (~> 0.13.0.0)
  redis
  rspec-rails
  sass (~> 3.4)
  sdoc (~> 0.4.0)
  sidekiq
  slim
  spring
  sqlite3
  turbolinks
  uglifier (>= 1.3.0)
